GEM
  remote: https://rubygems.org/
  specs:
    gosu (0.15.1)

PLATFORMS
  ruby

DEPENDENCIES
  gosu (~> 0.15.1)

RUBY VERSION
   ruby 2.7.1p83

BUNDLED WITH
   2.1.4
