GEM
  remote: http://rubygems.org/
  specs:
    gosu (0.9.2)

PLATFORMS
  ruby

DEPENDENCIES
  gosu (~> 0.9.2)
